GEM
  remote: https://rubygems.org/
  specs:
    diff-lcs (1.2.2)
    nokogiri (1.5.9)
    oauth (0.4.7)
    queryparams (0.0.3)
    rspec (2.13.0)
      rspec-core (~> 2.13.0)
      rspec-expectations (~> 2.13.0)
      rspec-mocks (~> 2.13.0)
    rspec-core (2.13.1)
    rspec-expectations (2.13.0)
      diff-lcs (>= 1.1.3, < 2.0)
    rspec-mocks (2.13.0)

PLATFORMS
  ruby

DEPENDENCIES
  nokogiri (~> 1.5)
  oauth (~> 0.4)
  queryparams (= 0.0.3)
  rspec (~> 2.5)
